GEM
  remote: https://rubygems.org/
  specs:
    CFPropertyList (2.2.7)
    addressable (2.3.6)
    ansi (1.4.3)
    aws-sdk (1.8.2)
      json (~> 1.4)
      nokogiri (>= 1.4.4)
      uuidtools (~> 2.1)
    boxen (2.6.0)
      ansi (~> 1.4)
      hiera (~> 1.0)
      highline (~> 1.6)
      json_pure (>= 1.7.7, < 2.0)
      librarian-puppet (~> 1.0.0)
      octokit (~> 2.7, >= 2.7.1)
      puppet (~> 3.0)
    builder (3.1.4)
    facter (2.0.1)
      CFPropertyList (~> 2.2.6)
    faraday (0.9.0)
      multipart-post (>= 1.2, < 3)
    hiera (1.3.2)
      json_pure
    highline (1.6.21)
    json (1.7.7)
    json_pure (1.8.1)
    librarian (0.1.2)
      highline
      thor (~> 0.15)
    librarian-puppet (1.0.1)
      json
      librarian (>= 0.1.2)
    multipart-post (2.0.0)
    net-ssh (2.6.5)
    nokogiri (1.5.6)
    octokit (2.7.2)
      sawyer (~> 0.5.2)
    open4 (1.3.0)
    puppet (3.5.1)
      facter (> 1.6, < 3)
      hiera (~> 1.0)
      json_pure
      rgen (~> 0.6.5)
    rbvmomi (1.6.0)
      builder
      nokogiri (>= 1.4.1)
      trollop
    rgen (0.6.6)
    sawyer (0.5.4)
      addressable (~> 2.3.5)
      faraday (~> 0.8, < 0.10)
    thor (0.19.1)
    trollop (2.0)
    uuidtools (2.1.3)

PLATFORMS
  ruby

DEPENDENCIES
  aws-sdk
  boxen (= 2.6.0)
  net-ssh
  open4 (~> 1.3)
  rbvmomi
